PATH
  remote: .
  specs:
    darthjee-active_ext (1.2.0)
      activesupport (~> 5.1.1)
      darthjee-core_ext (~> 1.2.6)

GEM
  remote: https://rubygems.org/
  specs:
    activemodel (5.1.1)
      activesupport (= 5.1.1)
    activerecord (5.1.1)
      activemodel (= 5.1.1)
      activesupport (= 5.1.1)
      arel (~> 8.0)
    activesupport (5.1.1)
      concurrent-ruby (~> 1.0, >= 1.0.2)
      i18n (~> 0.7)
      minitest (~> 5.1)
      tzinfo (~> 1.1)
    arel (8.0.0)
    concurrent-ruby (1.0.5)
    darthjee-core_ext (1.2.6)
      activesupport (~> 5.1.1)
    diff-lcs (1.2.5)
    docile (1.1.5)
    i18n (0.8.4)
    json (2.1.0)
    minitest (5.10.2)
    rake (11.3.0)
    rspec (2.99.0)
      rspec-core (~> 2.99.0)
      rspec-expectations (~> 2.99.0)
      rspec-mocks (~> 2.99.0)
    rspec-core (2.99.2)
    rspec-expectations (2.99.2)
      diff-lcs (>= 1.1.3, < 2.0)
    rspec-mocks (2.99.4)
    simplecov (0.14.1)
      docile (~> 1.1.0)
      json (>= 1.8, < 3)
      simplecov-html (~> 0.10.0)
    simplecov-html (0.10.1)
    sqlite3 (1.3.10)
    thread_safe (0.3.6)
    tzinfo (1.2.3)
      thread_safe (~> 0.1)

PLATFORMS
  ruby

DEPENDENCIES
  activerecord (~> 5.1.1)
  bundler (~> 1.6)
  darthjee-active_ext!
  rake (~> 11.3.0)
  rspec (~> 2.14)
  rspec-mocks (~> 2.99.4)
  simplecov (~> 0.14.1)
  sqlite3

BUNDLED WITH
   1.15.1
